STORAGE: NONE
NUGET
  remote: https://www.nuget.org/api/v2
    Fable.Core (3.1.5)
      FSharp.Core (>= 4.7) - restriction: >= netstandard2.0
    Fable.Promise (2.0)
      Fable.Core (>= 3.0) - restriction: >= netstandard2.0
      FSharp.Core (>= 4.5.2) - restriction: >= netstandard2.0
    FSharp.Core (4.7) - restriction: >= netstandard2.0
